RESTRICTION: >= net45
NUGET
  remote: https://www.nuget.org/api/v2
    Akka (1.2.1)
      Newtonsoft.Json (>= 9.0.1)
      System.Collections.Immutable (>= 1.3.1)
    Akka.Remote (1.2.1)
      Akka (>= 1.2.1)
      DotNetty.Buffers (>= 0.4.3)
      DotNetty.Codecs (>= 0.4.3)
      DotNetty.Common (>= 0.4.3)
      DotNetty.Handlers (>= 0.4.3)
      DotNetty.Transport (>= 0.4.3)
      Google.ProtocolBuffers (>= 2.4.1.555)
      System.Collections.Immutable (>= 1.3.1)
    Akka.Serialization.Hyperion (1.2.1.38-beta)
      Akka (>= 1.2.1)
      Hyperion (>= 0.9.2)
    Castle.Core (4.1)
    DotNetty.Buffers (0.4.5)
      DotNetty.Common (>= 0.4.5)
    DotNetty.Codecs (0.4.5)
      DotNetty.Buffers (>= 0.4.5)
      DotNetty.Common (>= 0.4.5)
      DotNetty.Transport (>= 0.4.5)
    DotNetty.Common (0.4.5)
      Microsoft.Extensions.Logging (>= 1.1.1)
    DotNetty.Handlers (0.4.5)
      DotNetty.Buffers (>= 0.4.5)
      DotNetty.Codecs (>= 0.4.5)
      DotNetty.Common (>= 0.4.5)
      DotNetty.Transport (>= 0.4.5)
    DotNetty.Transport (0.4.5)
      DotNetty.Buffers (>= 0.4.5)
      DotNetty.Common (>= 0.4.5)
    FSharp.Core (4.0.0.1) - redirects: force
    Google.ProtocolBuffers (2.4.1.555)
    Hyperion (0.9.2)
    Microsoft.Extensions.DependencyInjection.Abstractions (1.1.1)
      NETStandard.Library (>= 1.6.1)
      System.ComponentModel (>= 4.3)
    Microsoft.Extensions.Logging (1.1.2)
      Microsoft.Extensions.DependencyInjection.Abstractions (>= 1.1.1)
      Microsoft.Extensions.Logging.Abstractions (>= 1.1.2)
      NETStandard.Library (>= 1.6.1)
    Microsoft.Extensions.Logging.Abstractions (1.1.2)
      NETStandard.Library (>= 1.6.1)
    Microsoft.NETCore.Platforms (1.1)
    Microsoft.Win32.Primitives (4.3) - restriction: && (>= net45) (>= netstandard1.3)
    NETStandard.Library (1.6.1)
      Microsoft.NETCore.Platforms (>= 1.1)
      Microsoft.Win32.Primitives (>= 4.3) - restriction: && (>= net45) (>= netstandard1.3)
      System.AppContext (>= 4.3) - restriction: && (>= net45) (>= netstandard1.3)
      System.Collections (>= 4.3)
      System.Collections.Concurrent (>= 4.3)
      System.Console (>= 4.3) - restriction: && (>= net45) (>= netstandard1.3)
      System.Diagnostics.Debug (>= 4.3)
      System.Diagnostics.Tools (>= 4.3)
      System.Diagnostics.Tracing (>= 4.3)
      System.Globalization (>= 4.3)
      System.Globalization.Calendars (>= 4.3) - restriction: && (>= net45) (>= netstandard1.3)
      System.IO (>= 4.3)
      System.IO.Compression (>= 4.3)
      System.IO.Compression.ZipFile (>= 4.3) - restriction: && (>= net45) (>= netstandard1.3)
      System.IO.FileSystem (>= 4.3) - restriction: && (>= net45) (>= netstandard1.3)
      System.IO.FileSystem.Primitives (>= 4.3) - restriction: && (>= net45) (>= netstandard1.3)
      System.Linq (>= 4.3)
      System.Linq.Expressions (>= 4.3)
      System.Net.Http (>= 4.3)
      System.Net.Primitives (>= 4.3)
      System.Net.Sockets (>= 4.3) - restriction: && (>= net45) (>= netstandard1.3)
      System.ObjectModel (>= 4.3)
      System.Reflection (>= 4.3)
      System.Reflection.Extensions (>= 4.3)
      System.Reflection.Primitives (>= 4.3)
      System.Resources.ResourceManager (>= 4.3)
      System.Runtime (>= 4.3)
      System.Runtime.Extensions (>= 4.3)
      System.Runtime.Handles (>= 4.3) - restriction: && (>= net45) (>= netstandard1.3)
      System.Runtime.InteropServices (>= 4.3)
      System.Runtime.InteropServices.RuntimeInformation (>= 4.3)
      System.Runtime.Numerics (>= 4.3)
      System.Security.Cryptography.Algorithms (>= 4.3) - restriction: && (>= net45) (>= netstandard1.3)
      System.Security.Cryptography.Encoding (>= 4.3) - restriction: && (>= net45) (>= netstandard1.3)
      System.Security.Cryptography.Primitives (>= 4.3) - restriction: && (>= net45) (>= netstandard1.3)
      System.Security.Cryptography.X509Certificates (>= 4.3) - restriction: && (>= net45) (>= netstandard1.3)
      System.Text.Encoding (>= 4.3)
      System.Text.Encoding.Extensions (>= 4.3)
      System.Text.RegularExpressions (>= 4.3)
      System.Threading (>= 4.3)
      System.Threading.Tasks (>= 4.3)
      System.Threading.Timer (>= 4.3) - restriction: && (>= net45) (>= netstandard1.2)
      System.Xml.ReaderWriter (>= 4.3)
      System.Xml.XDocument (>= 4.3)
    Newtonsoft.Json (10.0.3)
    System.AppContext (4.3) - restriction: && (>= net45) (>= netstandard1.3)
    System.Collections (4.3)
    System.Collections.Concurrent (4.3)
    System.Collections.Immutable (1.3.1)
    System.ComponentModel (4.3)
    System.Console (4.3) - restriction: && (>= net45) (>= netstandard1.3)
    System.Diagnostics.Debug (4.3)
    System.Diagnostics.Tools (4.3)
    System.Diagnostics.Tracing (4.3)
    System.Globalization (4.3)
    System.Globalization.Calendars (4.3) - restriction: && (>= net45) (>= netstandard1.3)
    System.IO (4.3)
    System.IO.Compression (4.3)
    System.IO.Compression.ZipFile (4.3) - restriction: && (>= net45) (>= netstandard1.3)
    System.IO.FileSystem (4.3) - restriction: && (>= net45) (>= netstandard1.3)
      System.IO.FileSystem.Primitives (>= 4.3) - restriction: || (&& (>= net45) (>= netstandard1.3)) (>= net46)
    System.IO.FileSystem.Primitives (4.3) - restriction: || (&& (>= net45) (>= netstandard1.3)) (>= net46)
    System.Linq (4.3)
    System.Linq.Expressions (4.3)
    System.Net.Http (4.3.2)
      System.Security.Cryptography.X509Certificates (>= 4.3) - restriction: || (&& (>= net45) (>= dnxcore50)) (&& (>= net45) (>= netstandard1.6)) (>= net46)
    System.Net.Primitives (4.3)
    System.Net.Sockets (4.3) - restriction: && (>= net45) (>= netstandard1.3)
    System.ObjectModel (4.3)
    System.Reflection (4.3)
    System.Reflection.Extensions (4.3)
    System.Reflection.Primitives (4.3)
    System.Resources.ResourceManager (4.3)
    System.Runtime (4.3)
    System.Runtime.Extensions (4.3)
    System.Runtime.Handles (4.3) - restriction: && (>= net45) (>= netstandard1.3)
    System.Runtime.InteropServices (4.3)
      System.Runtime (>= 4.3) - restriction: || (&& (>= net45) (>= dnxcore50)) (&& (>= net45) (>= netcore1.1)) (>= net462)
    System.Runtime.InteropServices.RuntimeInformation (4.3)
    System.Runtime.Numerics (4.3)
    System.Security.Cryptography.Algorithms (4.3) - restriction: && (>= net45) (>= netstandard1.3)
      System.IO (>= 4.3) - restriction: || (&& (>= net45) (< net46) (>= netstandard1.3) (< netstandard1.4)) (&& (>= net45) (< net46) (>= netstandard1.4)) (&& (>= net45) (>= dnxcore50)) (&& (>= net45) (>= netstandard1.6)) (>= net463)
      System.Runtime (>= 4.3) - restriction: || (&& (>= net45) (< net46) (>= netstandard1.3) (< netstandard1.4)) (&& (>= net45) (< net46) (>= netstandard1.4)) (&& (>= net45) (>= dnxcore50)) (&& (>= net45) (>= netstandard1.6)) (>= net463)
      System.Security.Cryptography.Encoding (>= 4.3) - restriction: || (&& (>= net45) (>= dnxcore50)) (&& (>= net45) (>= netstandard1.6)) (>= net463)
      System.Security.Cryptography.Primitives (>= 4.3) - restriction: || (&& (>= net45) (< net46) (>= netstandard1.3) (< netstandard1.4)) (&& (>= net45) (< net46) (>= netstandard1.4)) (&& (>= net45) (>= dnxcore50)) (&& (>= net45) (>= netstandard1.6)) (&& (>= net46) (< netstandard1.4)) (>= net461)
    System.Security.Cryptography.Encoding (4.3) - restriction: || (&& (>= net45) (>= netstandard1.3)) (&& (>= net45) (>= netstandard1.6)) (>= net463)
    System.Security.Cryptography.Primitives (4.3) - restriction: || (&& (>= net45) (< net46) (>= netstandard1.4)) (&& (>= net45) (>= netstandard1.3)) (&& (>= net45) (>= netstandard1.6)) (&& (>= net46) (< netstandard1.4)) (>= net461)
    System.Security.Cryptography.X509Certificates (4.3) - restriction: || (&& (>= net45) (>= dnxcore50)) (&& (>= net45) (>= netstandard1.3)) (&& (>= net45) (>= netstandard1.6)) (>= net46)
      System.Security.Cryptography.Algorithms (>= 4.3) - restriction: || (&& (>= net45) (< net46) (>= netstandard1.3) (< netstandard1.4)) (&& (>= net45) (< net46) (>= netstandard1.4)) (&& (>= net45) (>= dnxcore50)) (&& (>= net45) (>= netstandard1.6)) (&& (>= net46) (< netstandard1.4)) (>= net461)
      System.Security.Cryptography.Encoding (>= 4.3) - restriction: || (&& (>= net45) (< net46) (>= netstandard1.3) (< netstandard1.4)) (&& (>= net45) (< net46) (>= netstandard1.4)) (&& (>= net45) (>= dnxcore50)) (&& (>= net45) (>= netstandard1.6)) (&& (>= net46) (< netstandard1.4)) (>= net461)
    System.Text.Encoding (4.3)
    System.Text.Encoding.Extensions (4.3)
    System.Text.RegularExpressions (4.3)
    System.Threading (4.3)
    System.Threading.Tasks (4.3)
    System.Threading.Timer (4.3) - restriction: && (>= net45) (>= netstandard1.2)
    System.ValueTuple (4.3.1)
    System.Xml.ReaderWriter (4.3)
    System.Xml.XDocument (4.3)

GROUP Build
NUGET
  remote: https://www.nuget.org/api/v2
    FAKE (4.61.3)
    FSharp.Compiler.Service (2.0.0.6)
    FSharp.Formatting (2.14.4)
      FSharp.Compiler.Service (2.0.0.6)
      FSharpVSPowerTools.Core (>= 2.3 < 2.4)
    FSharpVSPowerTools.Core (2.3)
      FSharp.Compiler.Service (>= 2.0.0.3)
    Microsoft.Bcl (1.1.10) - restriction: && (< net45) (< win8) (< portable-win81+wpa81)
      Microsoft.Bcl.Build (>= 1.0.14)
    Microsoft.Bcl.Build (1.0.21) - import_targets: false, restriction: && (< net45) (< win8) (< portable-win81+wpa81)
    Microsoft.Net.Http (2.2.29) - restriction: && (< net45) (< win8) (< portable-win81+wpa81)
      Microsoft.Bcl (>= 1.1.10)
      Microsoft.Bcl.Build (>= 1.0.14)
    Octokit (0.24)
      Microsoft.Net.Http  - restriction: && (< net45) (< win8) (< portable-win81+wpa81)
GITHUB
  remote: fsharp/FAKE
    modules/Octokit/Octokit.fsx (15e1b741f4ae9fbaad640a65231dfcec28ce6ddd)
      Octokit (>= 0.20)
GROUP Test
NUGET
  remote: https://www.nuget.org/api/v2
    NUnit (2.6.4)
    NUnit.Runners (2.6.4)
